GEM
  remote: https://rubygems.org/
  specs:
    httpclient (2.8.0)
    multi_json (1.12.0)
    mustermann (1.0.3)
    pusher (0.17.0)
      httpclient (~> 2.7)
      multi_json (~> 1.0)
      pusher-signature (~> 0.1.8)
    pusher-signature (0.1.8)
    rack (2.0.8)
    rack-protection (2.0.7)
      rack
    shotgun (0.9.2)
      rack (>= 1.0)
    sinatra (2.0.7)
      mustermann (~> 1.0)
      rack (~> 2.0)
      rack-protection (= 2.0.7)
      tilt (~> 2.0)
    tilt (2.0.10)

PLATFORMS
  ruby

DEPENDENCIES
  pusher
  shotgun (>= 0.9.1)
  sinatra (>= 1.4.7)

BUNDLED WITH
   1.17.3
